GEM
  remote: https://rubygems.org/
  specs:
    mysql2 (0.4.5)
    sequel (4.41.0)

PLATFORMS
  ruby

DEPENDENCIES
  mysql2
  sequel

BUNDLED WITH
   1.13.7
